PATH
  remote: .
  specs:
    cijoe (0.9.2)
      choice
      fakefs
      json
      sinatra
      tinder (>= 1.4.0)

GEM
  remote: http://rubygems.org/
  specs:
    activesupport (3.2.7)
      i18n (~> 0.6)
      multi_json (~> 1.0)
    choice (0.1.6)
    eventmachine (0.12.10)
    fakefs (0.4.0)
    faraday (0.8.1)
      multipart-post (~> 1.1)
    faraday_middleware (0.8.8)
      faraday (>= 0.7.4, < 0.9)
    hashie (1.2.0)
    http_parser.rb (0.5.3)
    i18n (0.6.0)
    json (1.7.4)
    metaclass (0.0.1)
    mime-types (1.19)
    mocha (0.12.1)
      metaclass (~> 0.0.1)
    multi_json (1.3.6)
    multipart-post (1.1.5)
    rack (1.4.1)
    rack-protection (1.2.0)
      rack
    rack-test (0.6.1)
      rack (>= 1.0)
    rake (0.9.2.2)
    simple_oauth (0.1.9)
    sinatra (1.3.2)
      rack (~> 1.3, >= 1.3.6)
      rack-protection (~> 1.2)
      tilt (~> 1.3, >= 1.3.3)
    tilt (1.3.3)
    tinder (1.9.0)
      activesupport (>= 2.3, < 4)
      eventmachine (>= 0.12.0, < 2)
      faraday (~> 0.8)
      faraday_middleware (~> 0.8)
      hashie (~> 1.0)
      json (~> 1.6)
      mime-types (~> 1.16)
      multi_json (~> 1.0)
      multipart-post (~> 1.1)
      twitter-stream (~> 0.1)
    twitter-stream (0.1.16)
      eventmachine (>= 0.12.8)
      http_parser.rb (~> 0.5.1)
      simple_oauth (~> 0.1.4)

PLATFORMS
  ruby

DEPENDENCIES
  cijoe!
  mocha
  rack-test
  rake
